PATH
  remote: .
  specs:
    rs_russian (0.8.0)
      i18n (>= 0.6.0, < 0.8.0)
      unicode (~> 0.4.4)

GEM
  remote: https://rubygems.org/
  specs:
    activesupport (4.1.5)
      i18n (~> 0.6, >= 0.6.9)
      json (~> 1.7, >= 1.7.7)
      minitest (~> 5.1)
      thread_safe (~> 0.1)
      tzinfo (~> 1.1)
    diff-lcs (1.2.5)
    i18n (0.6.11)
    json (1.8.1)
    minitest (5.4.0)
    rake (10.3.2)
    rspec (2.99.0)
      rspec-core (~> 2.99.0)
      rspec-expectations (~> 2.99.0)
      rspec-mocks (~> 2.99.0)
    rspec-core (2.99.2)
    rspec-expectations (2.99.2)
      diff-lcs (>= 1.1.3, < 2.0)
    rspec-mocks (2.99.2)
    thread_safe (0.3.4)
    tzinfo (1.2.2)
      thread_safe (~> 0.1)
    unicode (0.4.4.1)

PLATFORMS
  ruby

DEPENDENCIES
  activesupport (>= 3.0.0, < 5.0.0)
  bundler (~> 1.7)
  rake
  rs_russian!
  rspec (~> 2.14)
