PATH
  remote: .
  specs:
    rs_russian (0.15.0)
      activesupport (>= 3.0.0, < 6.1.0)
      i18n (~> 1.1)
      unicode (~> 0.4.4)

GEM
  remote: https://rubygems.org/
  specs:
    activesupport (6.0.0)
      concurrent-ruby (~> 1.0, >= 1.0.2)
      i18n (>= 0.7, < 2)
      minitest (~> 5.1)
      tzinfo (~> 1.1)
      zeitwerk (~> 2.1, >= 2.1.8)
    concurrent-ruby (1.1.5)
    diff-lcs (1.3)
    i18n (1.6.0)
      concurrent-ruby (~> 1.0)
    minitest (5.11.3)
    rake (12.3.3)
    rspec (2.99.0)
      rspec-core (~> 2.99.0)
      rspec-expectations (~> 2.99.0)
      rspec-mocks (~> 2.99.0)
    rspec-core (2.99.2)
    rspec-expectations (2.99.2)
      diff-lcs (>= 1.1.3, < 2.0)
    rspec-mocks (2.99.4)
    thread_safe (0.3.6)
    tzinfo (1.2.5)
      thread_safe (~> 0.1)
    unicode (0.4.4.4)
    zeitwerk (2.1.9)

PLATFORMS
  ruby

DEPENDENCIES
  bundler
  rake
  rs_russian!
  rspec (~> 2.14)

BUNDLED WITH
   1.17.3
